GIT
  remote: git://github.com/applicake/doorkeeper.git
  revision: d1b1b904a7a58b97cb6a97041803587e588a0d92
  specs:
    doorkeeper (1.0.0)
      railties (>= 3.1)

GIT
  remote: git://github.com/bkeepers/dotenv.git
  revision: d82ea65be95779e7c401c4a5409d7a890ae1d4f0
  specs:
    dotenv (0.9.0)
    dotenv-rails (0.9.0)
      dotenv (= 0.9.0)

GIT
  remote: git://github.com/justinweiss/request_profiler.git
  revision: 994cf6d2c58b3bb3f3241555a6c07b3d39547940
  specs:
    request_profiler (0.0.3)
      ruby-prof

GIT
  remote: git://github.com/rails-api/active_model_serializers.git
  revision: 2faa571a9cfac95f992449fe0417a1d7774b84fc
  specs:
    active_model_serializers (0.9.0.pre)
      activemodel (>= 3.2)

GIT
  remote: git://github.com/tidepool/omniauth.git
  revision: df0b81361ffdbddd2a5a1ea10a0a7bf6e8b33cd1
  specs:
    omniauth (1.1.4)
      hashie (>= 1.2, < 3)
      rack

PATH
  remote: ./lib/analyze
  specs:
    tidepool_analyze (0.0.1)
      activesupport (~> 4.0.2)

GEM
  remote: https://rubygems.org/
  specs:
    actionmailer (4.0.2)
      actionpack (= 4.0.2)
      mail (~> 2.5.4)
    actionpack (4.0.2)
      activesupport (= 4.0.2)
      builder (~> 3.1.0)
      erubis (~> 2.7.0)
      rack (~> 1.5.2)
      rack-test (~> 0.6.2)
    activemodel (4.0.2)
      activesupport (= 4.0.2)
      builder (~> 3.1.0)
    activerecord (4.0.2)
      activemodel (= 4.0.2)
      activerecord-deprecated_finders (~> 1.0.2)
      activesupport (= 4.0.2)
      arel (~> 4.0.0)
    activerecord-deprecated_finders (1.0.3)
    activerecord-import (0.4.1)
      activerecord (>= 3.0)
    activesupport (4.0.2)
      i18n (~> 0.6, >= 0.6.4)
      minitest (~> 4.2)
      multi_json (~> 1.3)
      thread_safe (~> 0.1)
      tzinfo (~> 0.3.37)
    annotate (2.6.0)
      activerecord (>= 2.3.0)
      rake (>= 0.8.7)
    arel (4.0.1)
    atomic (1.1.14)
    awesome_print (1.2.0)
    aws-sdk (1.29.1)
      json (~> 1.4)
      nokogiri (>= 1.4.4)
      uuidtools (~> 2.1)
    bcrypt-ruby (3.0.1)
    binding_of_caller (0.7.2)
      debug_inspector (>= 0.0.1)
    blitz (0.1.30)
      couchrest (~> 1.0.1)
      hexdump (~> 0.2)
      json (~> 1.5)
      json_pure (~> 1.5)
      rake (>= 0.9.0)
      rest-client (~> 1.6.1)
      term-ansicolor (= 1.0.5)
    builder (3.1.4)
    byebug (2.4.1)
      columnize (~> 0.3.6)
      debugger-linecache (~> 1.2.0)
    celluloid (0.15.2)
      timers (~> 1.1.0)
    clockwork (0.7.0)
      activesupport
      tzinfo (~> 0.3.35)
    coderay (1.1.0)
    columnize (0.3.6)
    connection_pool (1.2.0)
    couchrest (1.0.2)
      json (~> 1.5.1)
      mime-types (~> 1.15)
      rest-client (~> 1.6.1)
    dalli (2.6.4)
    database_cleaner (1.2.0)
    debug_inspector (0.0.2)
    debugger-linecache (1.2.0)
    debugger-ruby_core_source (1.2.4)
    diff-lcs (1.2.5)
    diffy (3.0.1)
    erubis (2.7.0)
    factory_girl (4.3.0)
      activesupport (>= 3.0.0)
    factory_girl_rails (4.3.0)
      factory_girl (~> 4.3.0)
      railties (>= 3.0.0)
    faraday (0.8.8)
      multipart-post (~> 1.2.0)
    fitgem (0.8.0)
      oauth
    foreman (0.63.0)
      dotenv (>= 0.7)
      thor (>= 0.13.6)
    grit (2.5.0)
      diff-lcs (~> 1.1)
      mime-types (~> 1.15)
      posix-spawn (~> 0.3.6)
    hashie (2.0.5)
    hexdump (0.2.3)
    hike (1.2.3)
    httpauth (0.2.0)
    i18n (0.6.9)
    jquery-rails (3.0.4)
      railties (>= 3.0, < 5.0)
      thor (>= 0.14, < 2.0)
    json (1.5.5)
    json_pure (1.8.1)
    jwt (0.1.8)
      multi_json (>= 1.5)
    kgio (2.8.1)
    mail (2.5.4)
      mime-types (~> 1.16)
      treetop (~> 1.4.8)
    memcachier (0.0.2)
    method_source (0.8.2)
    mime-types (1.25.1)
    mini_portile (0.5.2)
    minitest (4.7.5)
    multi_json (1.8.2)
    multi_xml (0.5.5)
    multipart-post (1.2.0)
    newrelic_rpm (3.7.0.177)
    nokogiri (1.6.0)
      mini_portile (~> 0.5.0)
    oauth (0.4.7)
    oauth2 (0.8.1)
      faraday (~> 0.8)
      httpauth (~> 0.1)
      jwt (~> 0.1.4)
      multi_json (~> 1.0)
      rack (~> 1.2)
    omniauth-facebook (1.5.1)
      omniauth-oauth2 (~> 1.1.0)
    omniauth-fitbit (1.0.2)
      multi_xml
      omniauth-oauth (~> 1.0)
    omniauth-oauth (1.0.1)
      oauth
      omniauth (~> 1.0)
    omniauth-oauth2 (1.1.1)
      oauth2 (~> 0.8.0)
      omniauth (~> 1.0)
    omniauth-twitter (1.0.1)
      multi_json (~> 1.3)
      omniauth-oauth (~> 1.0)
    pg (0.17.0)
    polyglot (0.3.3)
    posix-spawn (0.3.8)
    pry (0.9.12.4)
      coderay (~> 1.0)
      method_source (~> 0.8)
      slop (~> 3.4)
    pry-byebug (1.2.0)
      byebug (~> 2.2)
      pry (~> 0.9.12)
    pry-doc (0.4.6)
      pry (>= 0.9)
      yard (>= 0.8)
    pry-git (0.2.3)
      diffy
      grit
      pry (>= 0.9.8)
    pry-rails (0.3.2)
      pry (>= 0.9.10)
    pry-remote (0.1.7)
      pry (~> 0.9)
      slop (~> 3.0)
    pry-stack_explorer (0.4.9.1)
      binding_of_caller (>= 0.7)
      pry (>= 0.9.11)
    rack (1.5.2)
    rack-cors (0.2.9)
    rack-protection (1.5.1)
      rack
    rack-test (0.6.2)
      rack (>= 1.0)
    rails (4.0.2)
      actionmailer (= 4.0.2)
      actionpack (= 4.0.2)
      activerecord (= 4.0.2)
      activesupport (= 4.0.2)
      bundler (>= 1.3.0, < 2.0)
      railties (= 4.0.2)
      sprockets-rails (~> 2.0.0)
    railties (4.0.2)
      actionpack (= 4.0.2)
      activesupport (= 4.0.2)
      rake (>= 0.8.7)
      thor (>= 0.18.1, < 2.0)
    raindrops (0.12.0)
    rake (10.1.0)
    redis (3.0.6)
    redis-namespace (1.4.1)
      redis (~> 3.0.4)
    rest-client (1.6.7)
      mime-types (>= 1.16)
    rspec-core (2.14.7)
    rspec-expectations (2.14.4)
      diff-lcs (>= 1.1.3, < 2.0)
    rspec-mocks (2.14.4)
    rspec-rails (2.14.0)
      actionpack (>= 3.0)
      activesupport (>= 3.0)
      railties (>= 3.0)
      rspec-core (~> 2.14.0)
      rspec-expectations (~> 2.14.0)
      rspec-mocks (~> 2.14.0)
    ruby-prof (0.13.0)
    sidekiq (2.17.0)
      celluloid (>= 0.15.2)
      connection_pool (>= 1.0.0)
      json
      redis (>= 3.0.4)
      redis-namespace (>= 1.3.1)
    sinatra (1.4.4)
      rack (~> 1.4)
      rack-protection (~> 1.4)
      tilt (~> 1.3, >= 1.3.4)
    slim (2.0.2)
      temple (~> 0.6.6)
      tilt (>= 1.3.3, < 2.1)
    slop (3.4.7)
    sprockets (2.10.1)
      hike (~> 1.2)
      multi_json (~> 1.0)
      rack (~> 1.0)
      tilt (~> 1.1, != 1.3.0)
    sprockets-rails (2.0.1)
      actionpack (>= 3.0)
      activesupport (>= 3.0)
      sprockets (~> 2.8)
    temple (0.6.7)
    term-ansicolor (1.0.5)
    thor (0.18.1)
    thread_safe (0.1.3)
      atomic
    tilt (1.4.1)
    timers (1.1.0)
    treetop (1.4.15)
      polyglot
      polyglot (>= 0.3.1)
    tzinfo (0.3.38)
    unicorn (4.7.0)
      kgio (~> 2.6)
      rack
      raindrops (~> 0.7)
    uuidtools (2.1.4)
    yard (0.8.7.3)

PLATFORMS
  ruby

DEPENDENCIES
  active_model_serializers!
  activerecord-import (~> 0.4)
  annotate (>= 2.5.0)
  awesome_print
  aws-sdk
  bcrypt-ruby (~> 3.0.0)
  blitz
  clockwork
  dalli
  database_cleaner
  debugger-ruby_core_source (~> 1.2.3)
  doorkeeper!
  dotenv-rails!
  factory_girl_rails
  fitgem
  foreman
  jquery-rails
  memcachier
  newrelic_rpm
  oauth2
  omniauth!
  omniauth-facebook
  omniauth-fitbit
  omniauth-twitter
  pg
  pry
  pry-byebug
  pry-doc
  pry-git
  pry-rails
  pry-remote
  pry-stack_explorer
  rack-cors
  rails (= 4.0.2)
  redis
  request_profiler!
  rspec-rails
  sidekiq
  sinatra
  slim
  tidepool_analyze!
  unicorn
